GEM
  remote: https://rubygems.org/
  specs:
    RubyInline (3.11.3)
      ZenTest (~> 4.3)
    ZenTest (4.8.2)
    hoe (3.0.8)
      rake (~> 0.8)
    png (1.2.0)
    rake (0.9.2.2)

PLATFORMS
  ruby

DEPENDENCIES
  RubyInline
  hoe
  png
  rake
